PATH
  remote: .
  specs:
    sandthorn_event_store_spec (0.0.1)

GEM
  remote: https://rubygems.org/
  specs:
    diff-lcs (1.2.5)
    pg (0.17.1)
    rake (10.3.2)
    rspec (3.1.0)
      rspec-core (~> 3.1.0)
      rspec-expectations (~> 3.1.0)
      rspec-mocks (~> 3.1.0)
    rspec-core (3.1.7)
      rspec-support (~> 3.1.0)
    rspec-expectations (3.1.2)
      diff-lcs (>= 1.2.0, < 2.0)
      rspec-support (~> 3.1.0)
    rspec-mocks (3.1.3)
      rspec-support (~> 3.1.0)
    rspec-support (3.1.2)
    sandthorn (0.5.1)
    sandthorn_driver_sequel (1.1.0)
      pg
      sequel
    sequel (4.14.0)
    sqlite3 (1.3.9)

PLATFORMS
  ruby

DEPENDENCIES
  bundler (~> 1.6)
  rake
  rspec (~> 3.1)
  sandthorn (~> 0.5)
  sandthorn_driver_sequel
  sandthorn_event_store_spec!
  sqlite3
